PATH
  remote: .
  specs:
    kick_ahead (0.1.0)

GEM
  remote: https://rubygems.org/
  specs:
    minitest (5.10.3)
    rake (10.5.0)
    timecop (0.9.1)

PLATFORMS
  ruby

DEPENDENCIES
  bundler (~> 1.16)
  kick_ahead!
  minitest (~> 5.0)
  rake (~> 10.0)
  timecop

BUNDLED WITH
   1.16.0
